GEM
  remote: https://rubygems.org/
  specs:
    http_parser.rb (0.5.3)

PLATFORMS
  ruby

DEPENDENCIES
  http_parser.rb
